GEM
  remote: http://gemcutter.org/
  remote: http://gems.github.com/
  specs:
    actionmailer (2.3.5)
      actionpack (= 2.3.5)
    actionpack (2.3.5)
      activesupport (= 2.3.5)
      rack (~> 1.0.0)
    activerecord (2.3.5)
      activesupport (= 2.3.5)
    activeresource (2.3.5)
      activesupport (= 2.3.5)
    activesupport (2.3.5)
    authlogic (2.1.6)
      activesupport
    builder (2.1.2)
    compass (0.8.17)
      haml (>= 2.2.0)
    crack (0.1.8)
    cucumber (0.8.5)
      builder (~> 2.1.2)
      diff-lcs (~> 1.1.2)
      gherkin (~> 2.1.4)
      json_pure (~> 1.4.3)
      term-ansicolor (~> 1.0.4)
    cucumber-rails (0.3.2)
      cucumber (>= 0.8.0)
    database_cleaner (0.5.2)
    diff-lcs (1.1.2)
    eventmachine (0.12.10)
    formtastic (0.9.8)
      actionpack (>= 2.3.0)
      activesupport (>= 2.3.0)
    gherkin (2.1.5)
      trollop (~> 1.16.2)
    gravtastic (2.2.0)
    grit (2.2.0)
      diff-lcs (~> 1.1)
      mime-types (~> 1.15)
    haml (3.0.17)
    httparty (0.6.1)
      crack (= 0.1.8)
    json (1.4.6)
    json_pure (1.4.6)
    mail (2.2.1)
      activesupport (>= 2.3.4)
      mime-types
      treetop (>= 1.4.5)
    mime-types (1.16)
    nokogiri (1.4.3.1)
    oauth (0.4.2)
    permalink_fu (1.0.0)
    pickle (0.4.1)
      cucumber (>= 0.8)
      rake
      rspec (>= 1.3)
      yard
    polyglot (0.3.1)
    pony (1.0)
      mail (> 2.0)
    progressbar (0.9.0)
    rack (1.0.1)
    rack-test (0.5.4)
      rack (>= 1.0)
    rails (2.3.5)
      actionmailer (= 2.3.5)
      actionpack (= 2.3.5)
      activerecord (= 2.3.5)
      activeresource (= 2.3.5)
      activesupport (= 2.3.5)
      rake (>= 0.8.3)
    rake (0.8.7)
    roauth (0.0.3)
    rspec (1.3.0)
    rspec-rails (1.3.2)
      rack (>= 1.0.0)
      rspec (>= 1.3.0)
    sqlite3-ruby (1.2.5)
    term-ansicolor (1.0.5)
    tinder (1.4.0)
      activesupport
      eventmachine
      httparty
      mime-types
      twitter-stream
    treetop (1.4.8)
      polyglot (>= 0.3.1)
    trollop (1.16.2)
    twitter-stream (0.1.8)
      eventmachine (>= 0.12.8)
      roauth (>= 0.0.2)
    twitter_oauth (0.4.3)
      json (>= 1.1.9)
      mime-types (>= 1.16)
      oauth (>= 0.4.1)
    webrat (0.7.1)
      nokogiri (>= 1.2.0)
      rack (>= 1.0)
      rack-test (>= 0.5.3)
    will_paginate (2.3.14)
    xml-simple (1.0.12)
    yard (0.5.8)

PLATFORMS
  ruby

DEPENDENCIES
  authlogic
  compass (= 0.8.17)
  cucumber (>= 0.6.1)
  cucumber-rails (>= 0.2.3)
  database_cleaner (>= 0.2.3)
  formtastic (= 0.9.8)
  gravtastic (>= 2.2.0)
  grit
  json
  permalink_fu
  pickle (>= 0.2.1)
  pony (>= 1.0)
  progressbar (= 0.9.0)
  rails (= 2.3.5)
  rspec (>= 1.2.9)
  rspec-rails (>= 1.2.9)
  sqlite3-ruby (= 1.2.5)
  tinder
  twitter_oauth
  webrat (>= 0.6.0)
  will_paginate
  xml-simple
